GEM
  remote: https://rubygems.org/
  specs:
    ast (2.3.0)
    childprocess (0.7.1)
      ffi (~> 1.0, >= 1.0.11)
    ffi (1.9.18)
    iniparse (1.4.4)
    overcommit (0.40.0)
      childprocess (~> 0.6, >= 0.6.3)
      iniparse (~> 1.4)
    parallel (1.11.2)
    parser (2.4.0.0)
      ast (~> 2.2)
    powerpack (0.1.1)
    rainbow (2.2.2)
      rake
    rake (12.0.0)
    rubocop (0.49.1)
      parallel (~> 1.10)
      parser (>= 2.3.3.1, < 3.0)
      powerpack (~> 0.1)
      rainbow (>= 1.99.1, < 3.0)
      ruby-progressbar (~> 1.7)
      unicode-display_width (~> 1.0, >= 1.0.1)
    rubocop-rspec (1.15.1)
      rubocop (>= 0.42.0)
    ruby-progressbar (1.8.1)
    unicode-display_width (1.3.0)

PLATFORMS
  ruby

DEPENDENCIES
  overcommit
  rubocop
  rubocop-rspec

BUNDLED WITH
   1.15.3
